PATH
  remote: .
  specs:
    mastermind (0.1.0)
      active_attr (~> 0.6.0)
      activesupport (~> 3.2.8)
      addressable (~> 2.3.2)
      cabin (~> 0.4.4)
      faraday (~> 0.8.4)
      fog (~> 1.5.0)
      json (~> 1.7.5)
      net-ssh (~> 2.5.2)
      net-ssh-multi (~> 1.1)
      ruote (~> 2.3.0)
      ruote-redis (~> 2.3.0)
      spice (~> 1.0.4)
      tinder (~> 1.9.1)

GEM
  remote: http://rubygems.org/
  specs:
    active_attr (0.6.0)
      activemodel (>= 3.0.2, < 4.1)
      activesupport (>= 3.0.2, < 4.1)
    activemodel (3.2.8)
      activesupport (= 3.2.8)
      builder (~> 3.0.0)
    activesupport (3.2.8)
      i18n (~> 0.6)
      multi_json (~> 1.0)
    addressable (2.3.2)
    blankslate (2.1.2.4)
    builder (3.0.3)
    cabin (0.4.4)
      json
    diff-lcs (1.1.3)
    eventmachine (1.0.0)
    eventmachine (1.0.0-java)
    excon (0.16.2)
    factory_girl (4.1.0)
      activesupport (>= 3.0.0)
    faraday (0.8.4)
      multipart-post (~> 1.1)
    faraday_middleware (0.8.8)
      faraday (>= 0.7.4, < 0.9)
    ffi (1.1.5)
    ffi (1.1.5-java)
    file-tail (1.0.11)
      tins (~> 0.5.0)
    fog (1.5.0)
      builder
      excon (~> 0.14)
      formatador (~> 0.2.0)
      mime-types
      multi_json (~> 1.0)
      net-scp (~> 1.0.4)
      net-ssh (>= 2.1.3)
      nokogiri (~> 1.5.0)
      ruby-hmac
    forgery (0.5.0)
    formatador (0.2.3)
    growl (1.0.3)
    guard (1.0.3)
      ffi (>= 0.5.0)
      thor (>= 0.14.6)
    guard-bundler (0.1.3)
      bundler (>= 1.0.0)
      guard (>= 0.2.2)
    guard-rspec (0.7.3)
      guard (>= 0.10.0)
    guard-spork (0.8.0)
      guard (>= 0.10.0)
      spork (>= 0.8.4)
    hashie (1.2.0)
    http_parser.rb (0.5.3)
    http_parser.rb (0.5.3-java)
    i18n (0.6.1)
    json (1.7.5)
    json (1.7.5-java)
    mime-types (1.19)
    mixlib-authentication (1.3.0)
      mixlib-log
    mixlib-log (1.4.1)
    multi_json (1.3.6)
    multipart-post (1.1.5)
    net-scp (1.0.4)
      net-ssh (>= 1.99.1)
    net-ssh (2.5.2)
    net-ssh-gateway (1.1.0)
      net-ssh (>= 1.99.1)
    net-ssh-multi (1.1)
      net-ssh (>= 2.1.4)
      net-ssh-gateway (>= 0.99.0)
    nokogiri (1.5.5)
    nokogiri (1.5.5-java)
    parslet (1.4.0)
      blankslate (~> 2.0)
    rb-fsevent (0.9.1)
    redis (3.0.1)
    rspec (2.11.0)
      rspec-core (~> 2.11.0)
      rspec-expectations (~> 2.11.0)
      rspec-mocks (~> 2.11.0)
    rspec-core (2.11.1)
    rspec-expectations (2.11.3)
      diff-lcs (~> 1.1.3)
    rspec-mocks (2.11.1)
    ruby-hmac (0.4.0)
    ruby2ruby (1.3.1)
      ruby_parser (~> 2.0)
      sexp_processor (~> 3.0)
    ruby_parser (2.3.1)
      sexp_processor (~> 3.0)
    rufus-cloche (1.0.2)
      rufus-json (>= 1.0.1)
    rufus-dollar (1.0.4)
    rufus-json (1.0.2)
    rufus-mnemo (1.2.3)
    rufus-scheduler (2.0.17)
      tzinfo (>= 0.3.23)
    rufus-treechecker (1.0.8)
      ruby_parser (>= 2.0.5)
    ruote (2.3.0.1)
      blankslate (= 2.1.2.4)
      parslet (>= 1.4.0)
      rufus-cloche (>= 1.0.2)
      rufus-dollar (>= 1.0.4)
      rufus-json (>= 1.0.1)
      rufus-mnemo (>= 1.2.2)
      rufus-scheduler (>= 2.0.16)
      rufus-treechecker (>= 1.0.8)
      sourcify (= 0.5.0)
    ruote-redis (2.3.0)
      redis
      ruote (>= 2.3.0)
    sexp_processor (3.2.0)
    simple_oauth (0.1.9)
    sourcify (0.5.0)
      file-tail (>= 1.0.5)
      ruby2ruby (>= 1.2.5)
      ruby_parser (>= 2.0.5)
      sexp_processor (>= 3.0.5)
    spice (1.0.4)
      faraday (~> 0.8.0)
      mixlib-authentication (>= 1.1.4)
      multi_json (~> 1.3.6)
    spork (1.0.0rc3)
    tach (0.0.8)
      formatador (>= 0.0.16)
    thor (0.16.0)
    timecop (0.3.5)
    tinder (1.9.1)
      eventmachine (>= 0.12.0, < 2)
      faraday (~> 0.8)
      faraday_middleware (~> 0.8)
      hashie (~> 1.0)
      json (~> 1.6)
      mime-types (~> 1.16)
      multi_json (~> 1.0)
      multipart-post (~> 1.1)
      twitter-stream (~> 0.1)
    tins (0.5.4)
    twitter-stream (0.1.16)
      eventmachine (>= 0.12.8)
      http_parser.rb (~> 0.5.1)
      simple_oauth (~> 0.1.4)
    tzinfo (0.3.33)

PLATFORMS
  java
  ruby

DEPENDENCIES
  factory_girl (~> 4.1.0)
  forgery (~> 0.5.0)
  growl (~> 1.0.3)
  guard (~> 1.0.3)
  guard-bundler
  guard-rspec (~> 0.7.2)
  guard-spork (~> 0.8.0)
  mastermind!
  rb-fsevent (~> 0.9.1)
  rspec (~> 2.11.0)
  spork (~> 1.0.0rc2)
  tach (~> 0.0.8)
  timecop (~> 0.3.5)
